GEM
  remote: https://rubygems.org/
  specs:
    addressable (2.5.1)
      public_suffix (~> 2.0, >= 2.0.2)
    colorator (1.1.0)
    fastercsv (1.5.5)
    ffi (1.9.18)
    forwardable-extended (2.6.0)
    i18n (0.8.4)
    jekyll (3.3.1)
      addressable (~> 2.4)
      colorator (~> 1.0)
      jekyll-sass-converter (~> 1.0)
      jekyll-watch (~> 1.1)
      kramdown (~> 1.3)
      liquid (~> 3.0)
      mercenary (~> 0.3.3)
      pathutil (~> 0.9)
      rouge (~> 1.7)
      safe_yaml (~> 1.0)
    jekyll-author-pages (1.0.3)
      jekyll (~> 3.3.0)
    jekyll-compose (0.5.0)
      jekyll (>= 3.0.0)
    jekyll-gh-pages (0.1.0)
      rake (> 0.9.3)
    jekyll-image-data (0.1.2)
      jekyll (~> 3.3)
    jekyll-import (0.12.0)
      fastercsv
      jekyll (>= 1.4)
      nokogiri
    jekyll-index-pages (0.5.1)
      i18n (~> 0.8)
      jekyll (~> 3.3)
    jekyll-sass-converter (1.5.0)
      sass (~> 3.4)
    jekyll-tagging (1.1.0)
      nuggets
    jekyll-titles-from-headings (0.2.0)
      jekyll (~> 3.3)
    jekyll-watch (1.5.0)
      listen (~> 3.0, < 3.1)
    jsonlint (0.2.0)
      oj (~> 2)
      trollop (~> 2)
    kramdown (1.13.2)
    liquid (3.0.6)
    listen (3.0.8)
      rb-fsevent (~> 0.9, >= 0.9.4)
      rb-inotify (~> 0.9, >= 0.9.7)
    mdl (0.4.0)
      kramdown (~> 1.12, >= 1.12.0)
      mixlib-cli (~> 1.7, >= 1.7.0)
      mixlib-config (~> 2.2, >= 2.2.1)
    mercenary (0.3.6)
    mini_portile2 (2.2.0)
    mixlib-cli (1.7.0)
    mixlib-config (2.2.4)
    nokogiri (1.8.0)
      mini_portile2 (~> 2.2.0)
    nuggets (1.5.0)
    oj (2.18.5)
    pathutil (0.14.0)
      forwardable-extended (~> 2.6)
    public_suffix (2.0.5)
    rake (12.0.0)
    rb-fsevent (0.9.8)
    rb-inotify (0.9.8)
      ffi (>= 0.5.0)
    rouge (1.11.1)
    safe_yaml (1.0.4)
    sass (3.4.24)
    trollop (2.1.2)
    yamllint (0.0.9)
      trollop (~> 2)

PLATFORMS
  ruby

DEPENDENCIES
  jekyll-author-pages (~> 1.0, >= 1.0.3)
  jekyll-compose
  jekyll-gh-pages
  jekyll-image-data (~> 0.1.2)
  jekyll-import
  jekyll-index-pages
  jekyll-tagging
  jekyll-titles-from-headings
  jsonlint
  mdl
  yamllint

RUBY VERSION
   ruby 2.3.1p112

BUNDLED WITH
   1.14.6
